GEM
  remote: https://rubygems.org/
  specs:
    byebug (9.1.0)
    faraday (0.13.1)
      multipart-post (>= 1.2, < 3)
    mini_portile2 (2.3.0)
    multipart-post (2.0.0)
    nokogiri (1.8.1)
      mini_portile2 (~> 2.3.0)

PLATFORMS
  ruby

DEPENDENCIES
  byebug
  faraday
  nokogiri

BUNDLED WITH
   1.16.0
